PATH
  remote: .
  specs:
    box-api (0.2.2)
      httmultiparty (~> 0.3.6)
      multi_json

GEM
  remote: http://rubygems.org/
  specs:
    addressable (2.2.7)
    diff-lcs (1.1.3)
    ffi (1.0.11-java)
    httmultiparty (0.3.7)
      httparty (>= 0.7.3)
      multipart-post
    httparty (0.8.2)
      multi_json
      multi_xml
    launchy (2.1.0)
      addressable (~> 2.2.6)
    launchy (2.1.0-java)
      addressable (~> 2.2.6)
      ffi (~> 1.0.9)
      spoon (~> 0.0.1)
    multi_json (1.2.0)
    multi_xml (0.4.2)
    multipart-post (1.1.5)
    rake (0.9.2.2)
    rspec (2.9.0)
      rspec-core (~> 2.9.0)
      rspec-expectations (~> 2.9.0)
      rspec-mocks (~> 2.9.0)
    rspec-core (2.9.0)
    rspec-expectations (2.9.1)
      diff-lcs (~> 1.1.3)
    rspec-mocks (2.9.0)
    spoon (0.0.1)

PLATFORMS
  java
  ruby

DEPENDENCIES
  box-api!
  launchy
  rake
  rspec
